GEM
  remote: http://rubygems.org/
  specs:
    RedCloth (4.2.7)
    classifier (1.3.3)
      fast-stemmer (>= 1.0.0)
    directory_watcher (1.4.0)
    fast-stemmer (1.0.0)
    jekyll (0.5.7)
      RedCloth (>= 4.2.1)
      classifier (>= 1.3.1)
      directory_watcher (>= 1.1.1)
      liquid (>= 1.9.0)
      maruku (>= 0.5.9)
      open4 (>= 0.9.6)
    liquid (2.2.2)
    maruku (0.6.0)
      syntax (>= 1.0.0)
    mustache (0.99.3)
    open4 (1.0.1)
    rack (1.0.1)
    rdiscount (1.6.8)
    rocco (0.6)
      mustache
      rdiscount
    sinatra (1.0)
      rack (>= 1.0)
    syntax (1.0.0)

PLATFORMS
  ruby

DEPENDENCIES
  jekyll (= 0.5.7)
  rack (= 1.0.1)
  rdiscount
  rocco
  sinatra
